GEM
  remote: https://rubygems.org/
  specs:
    addressable (2.8.7)
      public_suffix (>= 2.0.2, < 7.0)
    base64 (0.2.0)
    bigdecimal (3.1.8)
    concurrent-ruby (1.3.3)
    domain_name (0.6.20240107)
    ffi (1.15.5)
    ffi-compiler (1.3.2)
      ffi (>= 1.15.5)
      rake
    filesize (0.2.0)
    http (5.2.0)
      addressable (~> 2.8)
      base64 (~> 0.1)
      http-cookie (~> 1.0)
      http-form_data (~> 2.2)
      llhttp-ffi (~> 0.5.0)
    http-cookie (1.0.6)
      domain_name (~> 0.5)
    http-form_data (2.3.0)
    i18n (1.14.5)
      concurrent-ruby (~> 1.0)
    llhttp-ffi (0.5.0)
      ffi-compiler (~> 1.0)
      rake (~> 13.0)
    mime-types (3.5.2)
      mime-types-data (~> 3.2015)
    mime-types-data (3.2024.0702)
    money (6.19.0)
      i18n (>= 0.6.4, <= 2)
    morpheus-cli (7.0.3.3)
      ffi (= 1.15.5)
      filesize
      http
      mime-types
      money
      multipart-post
      rest-client (= 2.0.2)
      rubyzip
      term-ansicolor (~> 1.3.0)
      test-unit
    multipart-post (2.4.1)
    netrc (0.11.0)
    power_assert (2.0.3)
    public_suffix (6.0.0)
    rake (13.2.1)
    rest-client (2.0.2)
      http-cookie (>= 1.0.2, < 2.0)
      mime-types (>= 1.16, < 4.0)
      netrc (~> 0.8)
    rubyzip (2.3.2)
    sync (0.5.0)
    term-ansicolor (1.3.2)
      tins (~> 1.0)
    test-unit (3.6.2)
      power_assert
    tins (1.33.0)
      bigdecimal
      sync

PLATFORMS
  arm64-darwin-23
  ruby

DEPENDENCIES
  morpheus-cli

BUNDLED WITH
   2.5.9
